REFERENCES: STRICT
RESTRICTION: == net452
NUGET
  remote: https://api.nuget.org/v3/index.json
    AutoMapper (6.1.1)
